GEM
  remote: http://rubygems.org/
  specs:
    bson (1.12.5)
    cool.io (1.4.5)
    elasticsearch (1.0.18)
      elasticsearch-api (= 1.0.18)
      elasticsearch-transport (= 1.0.18)
    elasticsearch-api (1.0.18)
      multi_json
    elasticsearch-transport (1.0.18)
      faraday
      multi_json
    excon (0.54.0)
    faraday (0.10.0)
      multipart-post (>= 1.2, < 3)
    fluent-plugin-elasticsearch (1.9.2)
      elasticsearch (< 1.1)
      excon
      fluentd (>= 0.10.43)
    fluent-plugin-mongo (0.7.16)
      fluentd (>= 0.10.58, < 2)
      mongo (~> 1.9)
    fluent-plugin-td (0.10.29)
      fluentd (>= 0.10.27, < 2)
      td-client (~> 0.8.66)
    fluentd (0.12.30)
      cool.io (>= 1.2.2, < 2.0.0)
      http_parser.rb (>= 0.5.1, < 0.7.0)
      json (>= 1.4.3)
      msgpack (>= 0.5.11, < 0.6.0)
      sigdump (~> 0.2.2)
      string-scrub (>= 0.0.3, <= 0.0.5)
      tzinfo (>= 1.0.0)
      tzinfo-data (>= 1.0.0)
      yajl-ruby (~> 1.0)
    http_parser.rb (0.6.0)
    httpclient (2.8.2.4)
    json (2.0.2)
    mongo (1.12.5)
      bson (= 1.12.5)
    msgpack (0.5.12)
    multi_json (1.12.1)
    multipart-post (2.0.0)
    sigdump (0.2.4)
    string-scrub (0.0.5)
    td-client (0.8.85)
      httpclient (>= 2.7)
      json (>= 1.7.6)
      msgpack (>= 0.5.6, < 2)
    thread_safe (0.3.5)
    tzinfo (1.2.2)
      thread_safe (~> 0.1)
    tzinfo-data (1.2016.10)
      tzinfo (>= 1.0.0)
    yajl-ruby (1.3.0)

PLATFORMS
  ruby

DEPENDENCIES
  fluent-plugin-elasticsearch (= 1.9.2)
  fluent-plugin-mongo (= 0.7.16)
  fluent-plugin-td (= 0.10.29)
  fluentd (~> 0.12.29)

RUBY VERSION
   ruby 2.3.1p112

BUNDLED WITH
   1.13.6
